GEM
  remote: https://rubygems.org/
  specs:
    actionpack (5.2.2)
      actionview (= 5.2.2)
      activesupport (= 5.2.2)
      rack (~> 2.0)
      rack-test (>= 0.6.3)
      rails-dom-testing (~> 2.0)
      rails-html-sanitizer (~> 1.0, >= 1.0.2)
    actionview (5.2.2)
      activesupport (= 5.2.2)
      builder (~> 3.1)
      erubi (~> 1.4)
      rails-dom-testing (~> 2.0)
      rails-html-sanitizer (~> 1.0, >= 1.0.3)
    activesupport (5.2.2)
      concurrent-ruby (~> 1.0, >= 1.0.2)
      i18n (>= 0.7, < 2)
      minitest (~> 5.1)
      tzinfo (~> 1.1)
    builder (3.2.3)
    concurrent-ruby (1.1.4)
    crass (1.0.4)
    daemons (1.3.1)
    domain_name (0.5.20180417)
      unf (>= 0.0.5, < 1.0.0)
    erubi (1.8.0)
    faraday (0.15.4)
      multipart-post (>= 1.2, < 3)
    faraday-cookie_jar (0.0.6)
      faraday (>= 0.7.4)
      http-cookie (~> 1.0.0)
    faraday_middleware (0.12.2)
      faraday (>= 0.7.4, < 1.0)
    http-cookie (1.0.3)
      domain_name (~> 0.5)
    httpclient (2.8.3)
    i18n (1.5.2)
      concurrent-ruby (~> 1.0)
    loofah (2.2.3)
      crass (~> 1.0.2)
      nokogiri (>= 1.5.9)
    mediawiki_api (0.7.1)
      faraday (~> 0.9, >= 0.9.0)
      faraday-cookie_jar (~> 0.0, >= 0.0.6)
      faraday_middleware (~> 0.10, >= 0.10.0)
    mini_portile2 (2.4.0)
    minitest (5.11.3)
    multipart-post (2.0.0)
    nokogiri (1.10.4)
      mini_portile2 (~> 2.4.0)
    rack (2.2.3)
    rack-test (1.1.0)
      rack (>= 1.0, < 3)
    rails-dom-testing (2.0.3)
      activesupport (>= 4.2.0)
      nokogiri (>= 1.6)
    rails-html-sanitizer (1.0.4)
      loofah (~> 2.2, >= 2.2.2)
    telegram-bot (0.14.1)
      actionpack (>= 4.0, < 6.0)
      activesupport (>= 4.0, < 6.0)
      httpclient (~> 2.7)
    thread_safe (0.3.6)
    tzinfo (1.2.5)
      thread_safe (~> 0.1)
    unf (0.1.4)
      unf_ext
    unf_ext (0.0.7.5)

PLATFORMS
  ruby

DEPENDENCIES
  daemons
  mediawiki_api
  telegram-bot

BUNDLED WITH
   1.17.1
